GEM
  remote: http://rubygems.org/
  specs:
    vpim (0.695)

PLATFORMS
  ruby

DEPENDENCIES
  vpim (= 0.695)
